GEM
  remote: https://rubygems.org/
  specs:
    coderay (1.1.2)
    guid (0.1.1)
    json (2.1.0)
    method_source (0.9.0)
    mustermann (1.0.2)
    pry (0.11.3)
      coderay (~> 1.1.0)
      method_source (~> 0.9.0)
    puma (3.11.4)
    rack (2.2.3)
    rack-protection (2.0.3)
      rack
    secure_yaml (2.0.2)
    sinatra (2.0.3)
      mustermann (~> 1.0)
      rack (~> 2.0)
      rack-protection (= 2.0.3)
      tilt (~> 2.0)
    tilt (2.0.8)

PLATFORMS
  ruby

DEPENDENCIES
  bundler (= 1.13.1)
  guid
  json
  pry
  puma
  secure_yaml
  sinatra

BUNDLED WITH
   1.14.1
